PATH
  remote: .
  specs:
    findlinks (0.1.0)
      nokogiri

GEM
  remote: https://rubygems.org/
  specs:
    coderay (1.1.3)
    method_source (1.1.0)
    mini_portile2 (2.8.8)
    minitest (5.25.5)
    nokogiri (1.18.5)
      mini_portile2 (~> 2.8.2)
      racc (~> 1.4)
    pry (0.15.2)
      coderay (~> 1.1)
      method_source (~> 1.0)
    racc (1.8.1)
    rake (12.3.3)

PLATFORMS
  ruby

DEPENDENCIES
  bundler
  findlinks!
  minitest (~> 5.0)
  pry
  rake (~> 12.3)

BUNDLED WITH
   2.3.15
