PATH
  remote: .
  specs:
    findlinks (0.1.0)
      nokogiri

GEM
  remote: https://rubygems.org/
  specs:
    coderay (1.1.2)
    method_source (0.9.2)
    mini_portile2 (2.5.1)
    minitest (5.11.3)
    nokogiri (1.11.4)
      mini_portile2 (~> 2.5.0)
      racc (~> 1.4)
    pry (0.12.2)
      coderay (~> 1.1.0)
      method_source (~> 0.9.0)
    racc (1.5.2)
    rake (12.3.3)

PLATFORMS
  ruby

DEPENDENCIES
  bundler (~> 1.16)
  findlinks!
  minitest (~> 5.0)
  pry
  rake (~> 12.3)

BUNDLED WITH
   1.17.3
